GIT
  remote: https://github.com/DatabaseCleaner/database_cleaner
  revision: 101aaf13fc32cd19a656b3fdcde09a2485245125
  branch: master
  specs:
    database_cleaner-core (2.0.0.beta)

PATH
  remote: .
  specs:
    database_cleaner-sequel (2.0.0.beta)
      database_cleaner-core (= 2.0.0.beta)
      sequel

GEM
  remote: https://rubygems.org/
  specs:
    diff-lcs (1.3)
    mysql2 (0.5.3)
    pg (1.2.2)
    rake (13.0.1)
    rspec (3.9.0)
      rspec-core (~> 3.9.0)
      rspec-expectations (~> 3.9.0)
      rspec-mocks (~> 3.9.0)
    rspec-core (3.9.1)
      rspec-support (~> 3.9.1)
    rspec-expectations (3.9.0)
      diff-lcs (>= 1.2.0, < 2.0)
      rspec-support (~> 3.9.0)
    rspec-mocks (3.9.1)
      diff-lcs (>= 1.2.0, < 2.0)
      rspec-support (~> 3.9.0)
    rspec-support (3.9.2)
    sequel (5.29.0)
    sqlite3 (1.4.2)

PLATFORMS
  ruby

DEPENDENCIES
  bundler
  database_cleaner-core!
  database_cleaner-sequel!
  mysql2
  pg
  rake
  rspec
  sqlite3

BUNDLED WITH
   1.17.3
